GEM
  remote: http://rubygems.org/
  specs:
    daemons (1.2.3)
    eventmachine (1.0.8)
    haml (4.0.7)
      tilt
    net-ldap (0.12.1)
    rack (1.6.4)
    rack-protection (1.5.3)
      rack
    ruby-odbc (0.99997)
    sass (3.4.19)
    sinatra (1.4.6)
      rack (~> 1.4)
      rack-protection (~> 1.4)
      tilt (>= 1.3, < 3)
    thin (1.6.4)
      daemons (~> 1.0, >= 1.0.9)
      eventmachine (~> 1.0, >= 1.0.4)
      rack (~> 1.0)
    tilt (2.0.1)
    unicode (0.4.4.3-x86-mingw32)

PLATFORMS
  x86-mingw32

DEPENDENCIES
  haml
  net-ldap
  ruby-odbc
  sass
  sinatra (= 1.4.6)
  thin
  unicode

BUNDLED WITH
   1.10.6
